PATH
  remote: .
  specs:
    factory_girl_upgrader (0.1.3)
      activesupport (~> 3.0)
      factory_girl (~> 2.0)
      i18n (~> 0.6.0)
      ruby_parser (~> 2.3.1)
      ruby_scribe (~> 0.1.4)
      ruby_transform (~> 0.1.4)
      thor (~> 0.13)

GEM
  remote: http://rubygems.org/
  specs:
    activesupport (3.2.3)
      i18n (~> 0.6)
      multi_json (~> 1.0)
    diff-lcs (1.1.3)
    factory_girl (2.6.4)
      activesupport (>= 2.3.9)
    i18n (0.6.0)
    multi_json (1.2.0)
    rake (0.9.2.2)
    rspec (2.6.0)
      rspec-core (~> 2.6.0)
      rspec-expectations (~> 2.6.0)
      rspec-mocks (~> 2.6.0)
    rspec-core (2.6.4)
    rspec-expectations (2.6.0)
      diff-lcs (~> 1.1.2)
    rspec-mocks (2.6.0)
    ruby_parser (2.3.1)
      sexp_processor (~> 3.0)
    ruby_scribe (0.1.5)
      activesupport (~> 3.0)
      i18n (~> 0.6.0)
      ruby_parser (~> 2.3.1)
      thor (~> 0.13)
    ruby_transform (0.1.4)
      activesupport (~> 3.0)
      i18n (~> 0.6.0)
      ruby_parser (~> 2.3.1)
      ruby_scribe (~> 0.1.4)
      thor (~> 0.13)
    sexp_processor (3.1.0)
    thor (0.14.6)

PLATFORMS
  ruby

DEPENDENCIES
  factory_girl_upgrader!
  rake
  rspec (~> 2.0)
